GEM
  remote: https://rubygems.org/
  specs:
    dotenv (3.1.2)
    parseconfig (1.1.2)

PLATFORMS
  ruby
  x86_64-linux

DEPENDENCIES
  dotenv
  parseconfig

BUNDLED WITH
   2.5.11
